GEM
  remote: https://rubygems.org/
  specs:
    bcrypt (3.1.18)
    haml (6.1.1)
      temple (>= 0.8.2)
      thor
      tilt
    inflecto (0.0.2)
    jwt (2.7.0)
    multi_json (1.15.0)
    mustermann (3.0.0)
      ruby2_keywords (~> 0.0.1)
    rack (2.2.7)
    rack-cors (2.0.1)
      rack (>= 2.0.0)
    rack-protection (3.0.6)
      rack
    ruby2_keywords (0.0.5)
    sequel (5.68.0)
    sinatra (3.0.6)
      mustermann (~> 3.0)
      rack (~> 2.2, >= 2.2.4)
      rack-protection (= 3.0.6)
      tilt (~> 2.0)
    sinatra-contrib (3.0.6)
      multi_json
      mustermann (~> 3.0)
      rack-protection (= 3.0.6)
      sinatra (= 3.0.6)
      tilt (~> 2.0)
    sqlite3 (1.6.3-x86_64-darwin)
    temple (0.10.1)
    thor (1.2.2)
    tilt (2.1.0)

PLATFORMS
  x86_64-darwin-22

DEPENDENCIES
  bcrypt
  haml (~> 6.1)
  inflecto (~> 0.0.2)
  jwt
  rack-cors
  sequel
  sinatra
  sinatra-contrib
  sqlite3

BUNDLED WITH
   2.4.10
