GEM
  remote: https://rubygems.org/
  specs:
    bcrypt (3.1.18)
    jwt (2.7.0)
    mustermann (3.0.0)
      ruby2_keywords (~> 0.0.1)
    rack (2.2.7)
    rack-protection (3.0.6)
      rack
    ruby2_keywords (0.0.5)
    sequel (5.68.0)
    sinatra (3.0.6)
      mustermann (~> 3.0)
      rack (~> 2.2, >= 2.2.4)
      rack-protection (= 3.0.6)
      tilt (~> 2.0)
    sqlite3 (1.6.3-x86_64-darwin)
    tilt (2.1.0)

PLATFORMS
  x86_64-darwin-22

DEPENDENCIES
  bcrypt
  jwt
  sequel
  sinatra
  sqlite3

BUNDLED WITH
   2.4.10
