GEM
  remote: https://rubygems.org/
  specs:
    ast (2.4.2)
    bcrypt (3.1.18)
    ffi (1.15.5)
    haml (6.1.1)
      temple (>= 0.8.2)
      thor
      tilt
    inflecto (0.0.2)
    json (2.6.3)
    jwt (2.7.0)
    multi_json (1.15.0)
    mustermann (3.0.0)
      ruby2_keywords (~> 0.0.1)
    parallel (1.22.1)
    parser (3.2.2.0)
      ast (~> 2.4.1)
    rack (2.2.7)
    rack-cors (2.0.1)
      rack (>= 2.0.0)
    rack-protection (3.0.6)
      rack
    rainbow (3.1.1)
    regexp_parser (2.8.0)
    rexml (3.2.5)
    rubocop (1.48.1)
      json (~> 2.3)
      parallel (~> 1.10)
      parser (>= 3.2.0.0)
      rainbow (>= 2.2.2, < 4.0)
      regexp_parser (>= 1.8, < 3.0)
      rexml (>= 3.2.5, < 4.0)
      rubocop-ast (>= 1.26.0, < 2.0)
      ruby-progressbar (~> 1.7)
      unicode-display_width (>= 2.4.0, < 3.0)
    rubocop-ast (1.27.0)
      parser (>= 3.2.1.0)
    ruby-progressbar (1.13.0)
    ruby2_keywords (0.0.5)
    sassc (2.4.0)
      ffi (~> 1.9)
    sequel (5.68.0)
    sinatra (3.0.6)
      mustermann (~> 3.0)
      rack (~> 2.2, >= 2.2.4)
      rack-protection (= 3.0.6)
      tilt (~> 2.0)
    sinatra-contrib (3.0.6)
      multi_json
      mustermann (~> 3.0)
      rack-protection (= 3.0.6)
      sinatra (= 3.0.6)
      tilt (~> 2.0)
    sqlite3 (1.6.3-x86_64-darwin)
    temple (0.10.1)
    thor (1.2.2)
    tilt (2.1.0)
    unicode-display_width (2.4.2)

PLATFORMS
  x86_64-darwin-22

DEPENDENCIES
  bcrypt
  haml (~> 6.1)
  inflecto (~> 0.0.2)
  jwt
  rack-cors
  rubocop
  sassc (~> 2.4)
  sequel
  sinatra
  sinatra-contrib
  sqlite3

BUNDLED WITH
   2.4.10
